GEM
  remote: https://rubygems.org/
  specs:
    coderay (1.1.2)
    connection_pool (2.4.1)
    method_source (0.9.2)
    mustermann (2.0.2)
      ruby2_keywords (~> 0.0.1)
      coderay (~> 1.1.0)
      method_source (~> 0.9.0)
    rack (2.2.9)
    rack-protection (2.2.4)
      rack
    redis (4.5.1)
    ruby2_keywords (0.0.5)
    sidekiq (5.2.10)
      connection_pool (~> 2.2, >= 2.2.2)
      rack (~> 2.0)
      rack-protection (>= 1.5.0)
      redis (~> 4.5, < 4.6.0)
    sinatra (2.2.4)
      mustermann (~> 2.0)
      rack (~> 2.2)
      rack-protection (= 2.2.4)
      tilt (~> 2.0)
    tilt (2.4.0)

PLATFORMS
  ruby

DEPENDENCIES
  rack (>= 2.2.8.1)
  sidekiq (~> 5.2)
  sinatra (~> 2.2.3)

BUNDLED WITH
   2.3.27
